PATH
  remote: .
  specs:
    glog (1.0.0)
      haml (~> 4.0)
      jadof (~> 0.1)
      rack (~> 1.6)
      rdiscount (~> 2.1)

GEM
  remote: http://rubygems.org/
  specs:
    diff-lcs (1.2.5)
    haml (4.0.6)
      tilt
    indifferent-variable-hash (0.1.0)
    jadof (0.1.6)
      indifferent-variable-hash (>= 0.1.0)
    rack (1.6.4)
    rack-test (0.6.3)
      rack (>= 1.0)
    rake (10.4.2)
    rdiscount (2.1.8)
    rspec (3.3.0)
      rspec-core (~> 3.3.0)
      rspec-expectations (~> 3.3.0)
      rspec-mocks (~> 3.3.0)
    rspec-core (3.3.1)
      rspec-support (~> 3.3.0)
    rspec-expectations (3.3.0)
      diff-lcs (>= 1.2.0, < 2.0)
      rspec-support (~> 3.3.0)
    rspec-mocks (3.3.1)
      diff-lcs (>= 1.2.0, < 2.0)
      rspec-support (~> 3.3.0)
    rspec-support (3.3.0)
    tilt (2.0.1)

PLATFORMS
  ruby

DEPENDENCIES
  glog!
  rack-test (~> 0.6)
  rake (~> 10.0)
  rspec (~> 3.3)

BUNDLED WITH
   1.10.5
