PATH
  remote: .
  specs:
    glog (0.2.5)
      haml (>= 2.2.22)
      jadof (>= 0.1.6)
      rack (>= 1.1.0)
      rdiscount (>= 1.6.8)

GEM
  remote: http://rubygems.org/
  specs:
    diff-lcs (1.1.3)
    haml (3.1.4)
    indifferent-variable-hash (0.1.0)
    jadof (0.1.6)
      indifferent-variable-hash (>= 0.1.0)
    rack (1.4.0)
    rack-test (0.6.1)
      rack (>= 1.0)
    rake (0.9.2.2)
    rdiscount (1.6.8)
    rspec (2.8.0)
      rspec-core (~> 2.8.0)
      rspec-expectations (~> 2.8.0)
      rspec-mocks (~> 2.8.0)
    rspec-core (2.8.0)
    rspec-expectations (2.8.0)
      diff-lcs (~> 1.1.2)
    rspec-mocks (2.8.0)

PLATFORMS
  ruby

DEPENDENCIES
  glog!
  rack-test (>= 0.5.3)
  rake (>= 0.9.2)
  rspec (>= 1.3.0)
